GEM
  remote: http://rubygems.org/
  specs:
    activesupport (3.0.7)
    diff-lcs (1.1.2)
    highline (1.6.2)
    rack (1.2.3)
    rake (0.8.7)
    rspec (2.6.0)
      rspec-core (~> 2.6.0)
      rspec-expectations (~> 2.6.0)
      rspec-mocks (~> 2.6.0)
    rspec-core (2.6.3)
    rspec-expectations (2.6.0)
      diff-lcs (~> 1.1.2)
    rspec-mocks (2.6.0)
    yajl-ruby (0.8.2)

PLATFORMS
  ruby

DEPENDENCIES
  activesupport
  highline
  rack
  rake
  rspec
  yajl-ruby
