GEM
  remote: http://rubygems.org/
  specs:
    activemodel (3.0.9)
      activesupport (= 3.0.9)
      builder (~> 2.1.2)
      i18n (~> 0.5.0)
    activerecord (3.0.9)
      activemodel (= 3.0.9)
      activesupport (= 3.0.9)
      arel (~> 2.0.10)
      tzinfo (~> 0.3.23)
    activesupport (3.0.9)
    arel (2.0.10)
    builder (2.1.2)
    daemons (1.1.4)
    diff-lcs (1.1.2)
    eventmachine (0.12.10)
    i18n (0.5.0)
    picky-client (2.7.0)
      activesupport (>= 3.0.0)
      yajl-ruby (>= 0.7.8)
    rack (1.3.1)
    rack-mount (0.8.1)
      rack (>= 1.0.0)
    rack_fast_escape (2009.06.24)
      url_escape
    rake (0.9.2)
    rspec (2.6.0)
      rspec-core (~> 2.6.0)
      rspec-expectations (~> 2.6.0)
      rspec-mocks (~> 2.6.0)
    rspec-core (2.6.4)
    rspec-expectations (2.6.0)
      diff-lcs (~> 1.1.2)
    rspec-mocks (2.6.0)
    sinatra (1.2.6)
      rack (~> 1.1)
      tilt (< 2.0, >= 1.2.2)
    text (0.2.0)
    thin (1.2.11)
      daemons (>= 1.0.9)
      eventmachine (>= 0.12.6)
      rack (>= 1.0.0)
    tilt (1.3.2)
    tzinfo (0.3.29)
    url_escape (2009.06.24)
    yajl-ruby (0.8.2)

PLATFORMS
  ruby

DEPENDENCIES
  activerecord (~> 3.0)
  activesupport (~> 3.0)
  picky-client
  rack (~> 1.3)
  rack-mount (~> 0.6)
  rack_fast_escape (= 2009.06.24)
  rake
  rspec
  sinatra
  text (~> 0.2)
  thin
  yajl-ruby (~> 0.7)
