GEM
  remote: http://rubygems.org/
  specs:
    activemodel (3.0.7)
      activesupport (= 3.0.7)
      builder (~> 2.1.2)
      i18n (~> 0.5.0)
    activerecord (3.0.7)
      activemodel (= 3.0.7)
      activesupport (= 3.0.7)
      arel (~> 2.0.2)
      tzinfo (~> 0.3.23)
    activesupport (3.0.7)
    arel (2.0.10)
    builder (2.1.2)
    diff-lcs (1.1.2)
    haml (3.0.25)
    i18n (0.5.0)
    kgio (2.4.1)
    mysql (2.8.1)
    picky-client (2.6.0)
      activesupport (>= 3.0.0)
      yajl-ruby (>= 0.7.8)
    rack (1.2.3)
    rack-mount (0.6.14)
      rack (>= 1.0.0)
    rack_fast_escape (2009.06.24)
      url_escape
    rake (0.9.0)
    redis (2.2.0)
    rspec (2.6.0)
      rspec-core (~> 2.6.0)
      rspec-expectations (~> 2.6.0)
      rspec-mocks (~> 2.6.0)
    rspec-core (2.6.3)
    rspec-expectations (2.6.0)
      diff-lcs (~> 1.1.2)
    rspec-mocks (2.6.0)
    sinatra (1.2.6)
      rack (~> 1.1)
      tilt (< 2.0, >= 1.2.2)
    text (0.2.0)
    tilt (1.3.1)
    tzinfo (0.3.27)
    unicorn (3.6.2)
      kgio (~> 2.3)
      rack
    url_escape (2009.06.24)
    yajl-ruby (0.7.9)

PLATFORMS
  ruby

DEPENDENCIES
  activerecord (~> 3.0)
  activesupport (~> 3.0)
  bundler (>= 0.9.26)
  haml
  mysql
  picky-client
  rack (~> 1.2.1)
  rack-mount (~> 0.6.9)
  rack_fast_escape (= 2009.06.24)
  rake
  redis
  rspec
  sinatra
  text (~> 0.2.0)
  unicorn
  yajl-ruby (~> 0.7.8)
