GEM
  remote: http://rubygems.org/
  specs:
    activemodel (3.1.1)
      activesupport (= 3.1.1)
      builder (~> 3.0.0)
      i18n (~> 0.6)
    activerecord (3.1.1)
      activemodel (= 3.1.1)
      activesupport (= 3.1.1)
      arel (~> 2.2.1)
      tzinfo (~> 0.3.29)
    activesupport (3.1.1)
      multi_json (~> 1.0)
    arel (2.2.1)
    builder (3.0.0)
    highline (1.6.2)
    i18n (0.6.0)
    mime-types (1.17.2)
    multi_json (1.0.3)
    picky-client (3.3.3)
      activesupport (>= 3.0.0)
      yajl-ruby (>= 0.7.8)
    rack (1.3.5)
    rack-mount (0.8.3)
      rack (>= 1.0.0)
    rack_fast_escape (2009.06.24)
      url_escape
    rake (0.9.2.2)
    redis (2.2.2)
    rest-client (1.6.7)
      mime-types (>= 1.16)
    rspec-core (2.7.1)
    simplecov (0.5.4)
      multi_json (~> 1.0.3)
      simplecov-html (~> 0.5.3)
    simplecov-html (0.5.3)
    text (0.2.0)
    tzinfo (0.3.30)
    url_escape (2009.06.24)
    uuidtools (2.1.2)
    www-delicious (0.4.0)
    yajl-ruby (1.0.0)

PLATFORMS
  ruby

DEPENDENCIES
  activerecord
  highline
  picky-client
  rack
  rack-mount
  rack_fast_escape
  rake
  redis
  rest-client
  rspec-core
  simplecov
  text
  uuidtools
  www-delicious
  yajl-ruby
