GEM
  remote: http://rubygems.org/
  specs:
    activemodel (3.2.0)
      activesupport (= 3.2.0)
      builder (~> 3.0.0)
    activerecord (3.2.0)
      activemodel (= 3.2.0)
      activesupport (= 3.2.0)
      arel (~> 3.0.0)
      tzinfo (~> 0.3.29)
    activesupport (3.2.0)
      i18n (~> 0.6)
      multi_json (~> 1.0)
    arel (3.0.0)
    builder (3.0.0)
    cod (0.4.1)
    diff-lcs (1.1.3)
    highline (1.6.9)
    i18n (0.6.0)
    mime-types (1.17.2)
    multi_json (1.0.4)
    picky-client (4.0.9)
      activesupport (>= 3.0.0)
      yajl-ruby (>= 0.7.8)
    procrastinate (0.4.1)
      cod (~> 0.4)
      state_machine (~> 0.9.4)
    rack (1.4.1)
    rack-mount (0.8.3)
      rack (>= 1.0.0)
    rack-protection (1.2.0)
      rack
    rack_fast_escape (2009.06.24)
      url_escape
    rake (0.9.2.2)
    redis (2.2.2)
    rest-client (1.6.7)
      mime-types (>= 1.16)
    rspec (2.8.0)
      rspec-core (~> 2.8.0)
      rspec-expectations (~> 2.8.0)
      rspec-mocks (~> 2.8.0)
    rspec-core (2.8.0)
    rspec-expectations (2.8.0)
      diff-lcs (~> 1.1.2)
    rspec-mocks (2.8.0)
    simplecov (0.5.4)
      multi_json (~> 1.0.3)
      simplecov-html (~> 0.5.3)
    simplecov-html (0.5.3)
    sinatra (1.3.2)
      rack (~> 1.3, >= 1.3.6)
      rack-protection (~> 1.2)
      tilt (~> 1.3, >= 1.3.3)
    sqlite3 (1.3.5)
    state_machine (0.9.4)
    text (1.0.3)
    tilt (1.3.3)
    tzinfo (0.3.31)
    url_escape (2009.06.24)
    uuidtools (2.1.2)
    www-delicious (0.4.0)
    yajl-ruby (1.1.0)

PLATFORMS
  ruby

DEPENDENCIES
  activerecord
  highline
  multi_json
  picky-client
  procrastinate
  rack
  rack-mount
  rack_fast_escape
  rake
  redis
  rest-client
  rspec
  rspec-core
  simplecov
  sinatra
  sqlite3
  text
  uuidtools
  www-delicious
  yajl-ruby
