GEM
  remote: http://rubygems.org/
  specs:
    activemodel (3.1.3)
      activesupport (= 3.1.3)
      builder (~> 3.0.0)
      i18n (~> 0.6)
    activerecord (3.1.3)
      activemodel (= 3.1.3)
      activesupport (= 3.1.3)
      arel (~> 2.2.1)
      tzinfo (~> 0.3.29)
    activesupport (3.1.3)
      multi_json (~> 1.0)
    arel (2.2.1)
    builder (3.0.0)
    diff-lcs (1.1.3)
    highline (1.6.8)
    i18n (0.6.0)
    mime-types (1.17.2)
    multi_json (1.0.4)
    picky-client (3.6.16)
      activesupport (>= 3.0.0)
      yajl-ruby (>= 0.7.8)
    procrastinate (0.4.0)
      state_machine (~> 0.9.4)
    rack (1.3.5)
    rack-mount (0.8.3)
      rack (>= 1.0.0)
    rack_fast_escape (2009.06.24)
      url_escape
    rake (0.9.2.2)
    redis (2.2.2)
    rest-client (1.6.7)
      mime-types (>= 1.16)
    rspec (2.7.0)
      rspec-core (~> 2.7.0)
      rspec-expectations (~> 2.7.0)
      rspec-mocks (~> 2.7.0)
    rspec-core (2.7.1)
    rspec-expectations (2.7.0)
      diff-lcs (~> 1.1.2)
    rspec-mocks (2.7.0)
    simplecov (0.5.4)
      multi_json (~> 1.0.3)
      simplecov-html (~> 0.5.3)
    simplecov-html (0.5.3)
    sqlite3 (1.3.5)
    state_machine (0.9.4)
    text (1.0.1)
    tzinfo (0.3.31)
    url_escape (2009.06.24)
    uuidtools (2.1.2)
    www-delicious (0.4.0)
    yajl-ruby (1.1.0)

PLATFORMS
  ruby

DEPENDENCIES
  activerecord
  highline
  picky-client
  procrastinate
  rack
  rack-mount
  rack_fast_escape
  rake
  redis
  rest-client
  rspec
  rspec-core
  simplecov
  sqlite3
  text
  uuidtools
  www-delicious
  yajl-ruby
