PATH
  remote: .
  specs:
    picky (4.19.3)
      activesupport (>= 3.0)
      multi_json
      rack_fast_escape
      text

GEM
  remote: https://rubygems.org/
  specs:
    activemodel (3.2.13)
      activesupport (= 3.2.13)
      builder (~> 3.0.0)
    activerecord (3.2.13)
      activemodel (= 3.2.13)
      activesupport (= 3.2.13)
      arel (~> 3.0.2)
      tzinfo (~> 0.3.29)
    activesupport (3.2.13)
      i18n (= 0.6.1)
      multi_json (~> 1.0)
    arel (3.0.2)
    builder (3.0.4)
    cod (0.5.0)
    diff-lcs (1.2.4)
    fast-stemmer (1.0.2)
    highline (1.6.18)
    hiredis (0.4.5)
    i18n (0.6.1)
    mime-types (1.23)
    multi_json (1.7.2)
    picky-client (4.15.0)
      activesupport (>= 3.0)
      yajl-ruby
    procrastinate (0.5.0)
      cod (~> 0.5)
      state_machine (~> 1.1)
    rack (1.5.2)
    rack-mount (0.8.3)
      rack (>= 1.0.0)
    rack-protection (1.5.0)
      rack
    rack_fast_escape (2009.06.24)
      url_escape
    rake (10.0.4)
    rake-compiler (0.8.3)
      rake
    redis (3.0.4)
    rest-client (1.6.7)
      mime-types (>= 1.16)
    rspec (2.13.0)
      rspec-core (~> 2.13.0)
      rspec-expectations (~> 2.13.0)
      rspec-mocks (~> 2.13.0)
    rspec-core (2.13.1)
    rspec-expectations (2.13.0)
      diff-lcs (>= 1.1.3, < 2.0)
    rspec-mocks (2.13.1)
    ruby-stemmer (0.9.3)
    simplecov (0.7.1)
      multi_json (~> 1.0)
      simplecov-html (~> 0.7.1)
    simplecov-html (0.7.1)
    sinatra (1.4.2)
      rack (~> 1.5, >= 1.5.2)
      rack-protection (~> 1.4)
      tilt (~> 1.3, >= 1.3.4)
    sqlite3 (1.3.7)
    state_machine (1.2.0)
    text (1.2.1)
    tilt (1.4.0)
    tzinfo (0.3.37)
    url_escape (2009.06.24)
    uuidtools (2.1.4)
    www-delicious (0.4.0)
    yajl-ruby (1.1.0)

PLATFORMS
  ruby

DEPENDENCIES
  activerecord
  fast-stemmer
  highline
  hiredis
  picky!
  picky-client
  procrastinate
  rack
  rack-mount
  rake
  rake-compiler
  redis
  rest-client
  rspec
  rspec-core
  ruby-stemmer
  simplecov
  sinatra
  sqlite3
  text
  uuidtools
  www-delicious
