PATH
  remote: .
  specs:
    picky (4.27.1)
      activesupport
      google_hash (~> 0.8)
      multi_json (~> 1.3)
      rack_fast_escape (~> 2009.0)

GEM
  remote: https://rubygems.org/
  specs:
    activemodel (4.1.0)
      activesupport (= 4.1.0)
      builder (~> 3.1)
    activerecord (4.1.0)
      activemodel (= 4.1.0)
      activesupport (= 4.1.0)
      arel (~> 5.0.0)
    activesupport (4.1.0)
      i18n (~> 0.6, >= 0.6.9)
      json (~> 1.7, >= 1.7.7)
      minitest (~> 5.1)
      thread_safe (~> 0.1)
      tzinfo (~> 1.1)
    arel (5.0.1.20140414130214)
    builder (3.2.2)
    coverband (0.0.24)
      json
      redis
      simplecov
    diff-lcs (1.2.5)
    docile (1.1.3)
    fast-stemmer (1.0.2)
    google_hash (0.8.5)
      sane (~> 0)
    highline (1.6.21)
    hiredis (0.5.2)
    i18n (0.6.9)
    json (1.8.1)
    mime-types (2.2)
    minitest (5.3.3)
    multi_json (1.9.3)
    os (0.9.6)
    picky-client (4.21.0)
      activesupport
      yajl-ruby (~> 1.2)
    pippi (0.0.6)
    procrastinate (0.6.0)
      state_machine (~> 1.1)
    rack (1.5.2)
    rack-mount (0.8.3)
      rack (>= 1.0.0)
    rack-protection (1.5.3)
      rack
    rack_fast_escape (2009.06.24)
      url_escape
    rake (10.3.1)
    rake-compiler (0.9.2)
      rake
    redis (3.0.7)
    rest-client (1.6.7)
      mime-types (>= 1.16)
    rspec (3.0.0.beta2)
      rspec-core (= 3.0.0.beta2)
      rspec-expectations (= 3.0.0.beta2)
      rspec-mocks (= 3.0.0.beta2)
    rspec-core (3.0.0.beta2)
      rspec-support (= 3.0.0.beta2)
    rspec-expectations (3.0.0.beta2)
      diff-lcs (>= 1.2.0, < 2.0)
      rspec-support (= 3.0.0.beta2)
    rspec-mocks (3.0.0.beta2)
      rspec-support (= 3.0.0.beta2)
    rspec-support (3.0.0.beta2)
    ruby-stemmer (0.9.3)
    sane (0.25.8)
      os (~> 0)
    simplecov (0.8.2)
      docile (~> 1.1.0)
      multi_json
      simplecov-html (~> 0.8.0)
    simplecov-html (0.8.0)
    sinatra (1.4.5)
      rack (~> 1.4)
      rack-protection (~> 1.4)
      tilt (~> 1.3, >= 1.3.4)
    sqlite3 (1.3.9)
    stackprof (0.2.6)
    state_machine (1.2.0)
    text (1.2.3)
    thread_safe (0.3.3)
    tilt (1.4.1)
    tzinfo (1.1.0)
      thread_safe (~> 0.1)
    url_escape (2009.06.24)
    uuidtools (2.1.4)
    www-delicious (0.4.0)
    yajl-ruby (1.2.0)

PLATFORMS
  ruby

DEPENDENCIES
  activerecord
  coverband
  fast-stemmer
  google_hash
  highline
  hiredis
  picky!
  picky-client
  pippi
  procrastinate
  rack
  rack-mount
  rake
  rake-compiler
  redis
  rest-client
  rspec (~> 3.0.0.beta)
  ruby-stemmer
  simplecov
  sinatra
  sqlite3
  stackprof
  text
  uuidtools
  www-delicious
