GEM
  remote: http://rubygems.org/
  specs:
    activemodel (3.2.13)
      activesupport (= 3.2.13)
      builder (~> 3.0.0)
    activerecord (3.2.13)
      activemodel (= 3.2.13)
      activesupport (= 3.2.13)
      arel (~> 3.0.2)
      tzinfo (~> 0.3.29)
    activesupport (3.2.13)
      i18n (= 0.6.1)
      multi_json (~> 1.0)
    arel (3.0.2)
    builder (3.0.4)
    cod (0.5.0)
    diff-lcs (1.2.4)
    i18n (0.6.1)
    multi_json (1.7.6)
    mysql (2.9.1)
    procrastinate (0.5.0)
      cod (~> 0.5)
      state_machine (~> 1.1)
    rack (1.5.2)
    rack-protection (1.5.0)
      rack
    rack_fast_escape (2009.06.24)
      url_escape
    rake (10.0.4)
    redis (3.0.4)
    rspec (2.13.0)
      rspec-core (~> 2.13.0)
      rspec-expectations (~> 2.13.0)
      rspec-mocks (~> 2.13.0)
    rspec-core (2.13.1)
    rspec-expectations (2.13.0)
      diff-lcs (>= 1.1.3, < 2.0)
    rspec-mocks (2.13.1)
    sinatra (1.4.3)
      rack (~> 1.4)
      rack-protection (~> 1.4)
      tilt (~> 1.3, >= 1.3.4)
    sqlite3 (1.3.7)
    state_machine (1.2.0)
    text (1.2.1)
    tilt (1.4.1)
    tzinfo (0.3.37)
    url_escape (2009.06.24)
    yajl-ruby (1.1.0)

PLATFORMS
  ruby

DEPENDENCIES
  activerecord (~> 3)
  activesupport
  multi_json
  mysql
  procrastinate (~> 0.4)
  rack
  rack_fast_escape (= 2009.06.24)
  rake
  redis
  rspec
  sinatra
  sqlite3
  text
  yajl-ruby
