GEM
  remote: http://rubygems.org/
  specs:
    activemodel (3.0.3)
      activesupport (= 3.0.3)
      builder (~> 2.1.2)
      i18n (~> 0.4)
    activerecord (3.0.3)
      activemodel (= 3.0.3)
      activesupport (= 3.0.3)
      arel (~> 2.0.2)
      tzinfo (~> 0.3.23)
    activesupport (3.0.3)
    arel (2.0.7)
    builder (2.1.2)
    diff-lcs (1.1.2)
    i18n (0.5.0)
    kgio (2.3.3)
    mysql (2.8.1)
    picky-client (2.3.0)
      yajl-ruby (>= 0.7.8)
    rack (1.2.2)
    rack-mount (0.6.13)
      rack (>= 1.0.0)
    rack_fast_escape (2009.06.24)
      url_escape
    rake (0.9.0)
    redis (2.2.0)
    rspec (2.5.0)
      rspec-core (~> 2.5.0)
      rspec-expectations (~> 2.5.0)
      rspec-mocks (~> 2.5.0)
    rspec-core (2.5.1)
    rspec-expectations (2.5.0)
      diff-lcs (~> 1.1.2)
    rspec-mocks (2.5.0)
    text (0.2.0)
    tzinfo (0.3.24)
    unicorn (3.5.0)
      kgio (~> 2.3)
      rack
    url_escape (2009.06.24)
    yajl-ruby (0.8.2)

PLATFORMS
  ruby

DEPENDENCIES
  activerecord (~> 3.0)
  activesupport (~> 3.0)
  mysql
  picky-client
  rack
  rack-mount
  rack_fast_escape (= 2009.06.24)
  rake
  redis
  rspec
  text
  unicorn
  yajl-ruby
