GEM
  remote: http://rubygems.org/
  specs:
    activemodel (3.0.0)
      activesupport (= 3.0.0)
      builder (~> 2.1.2)
      i18n (~> 0.4.1)
    activerecord (3.0.0)
      activemodel (= 3.0.0)
      activesupport (= 3.0.0)
      arel (~> 1.0.0)
      tzinfo (~> 0.3.23)
    activesupport (3.0.0)
    arel (1.0.1)
      activesupport (~> 3.0.0)
    builder (2.1.2)
    cod (0.5.0)
    diff-lcs (1.1.3)
    i18n (0.4.2)
    multi_json (1.5.0)
    mysql (2.8.1)
    procrastinate (0.5.0)
      cod (~> 0.5)
      state_machine (~> 1.1)
    rack (1.4.4)
    rack-protection (1.3.2)
      rack
    rack_fast_escape (2009.06.24)
      url_escape
    rake (10.0.3)
    redis (3.0.2)
    rspec (2.12.0)
      rspec-core (~> 2.12.0)
      rspec-expectations (~> 2.12.0)
      rspec-mocks (~> 2.12.0)
    rspec-core (2.12.2)
    rspec-expectations (2.12.1)
      diff-lcs (~> 1.1.3)
    rspec-mocks (2.12.1)
    sinatra (1.3.3)
      rack (~> 1.3, >= 1.3.6)
      rack-protection (~> 1.2)
      tilt (~> 1.3, >= 1.3.3)
    state_machine (1.1.2)
    text (1.2.1)
    tilt (1.3.3)
    tzinfo (0.3.35)
    url_escape (2009.06.24)
    yajl-ruby (1.1.0)

PLATFORMS
  ruby

DEPENDENCIES
  activerecord (~> 3)
  activesupport
  multi_json
  mysql
  procrastinate (~> 0.4)
  rack
  rack_fast_escape (= 2009.06.24)
  rake
  redis
  rspec
  sinatra
  text
  yajl-ruby
