GEM
  specs:
    activemodel (3.2.8)
      activesupport (= 3.2.8)
      builder (~> 3.0.0)
    activerecord (3.2.8)
      activemodel (= 3.2.8)
      activesupport (= 3.2.8)
      arel (~> 3.0.2)
      tzinfo (~> 0.3.29)
    activesupport (3.2.8)
      i18n (~> 0.6)
      multi_json (~> 1.0)
    arel (3.0.2)
    builder (3.0.3)
    i18n (0.6.1)
    kgio (2.7.4)
    multi_json (1.3.6)
    mysql (2.8.1)
    picky (3.6.0)
      activerecord (~> 3.0)
      activesupport (~> 3.0)
      mysql
      rack
      rack_fast_escape
      redis
      sinatra
      sqlite3
      text
      unicorn
      yajl-ruby
    rack (1.4.1)
    rack-protection (1.2.0)
      rack
    rack_fast_escape (2009.06.24)
      url_escape
    raindrops (0.10.0)
    redis (3.0.1)
    sinatra (1.3.3)
      rack (~> 1.3, >= 1.3.6)
      rack-protection (~> 1.2)
      tilt (~> 1.3, >= 1.3.3)
    sqlite3 (1.3.6)
    text (1.2.1)
    tilt (1.3.3)
    tzinfo (0.3.33)
    unicorn (4.3.1)
      kgio (~> 2.6)
      rack
      raindrops (~> 0.7)
    url_escape (2009.06.24)
    yajl-ruby (1.1.0)

PLATFORMS
  ruby

DEPENDENCIES
  picky (= 3.6)
  yajl-ruby
